GEM
  remote: https://rubygems.org/
  specs:
    cuba (3.3.0)
      rack
    haml (4.0.6)
      tilt
    rack (1.6.0)
    tilt (2.0.1)

PLATFORMS
  ruby

DEPENDENCIES
  cuba
  haml
